GEM
  remote: http://rubygems.org/
  specs:
    ffi (1.9.25-x64-mingw32)
    rb-fsevent (0.10.3)
    rb-inotify (0.9.10)
      ffi (>= 0.5.0, < 2)
    sass (3.5.6)
      sass-listen (~> 4.0.0)
    sass-listen (4.0.0)
      rb-fsevent (~> 0.9, >= 0.9.4)
      rb-inotify (~> 0.9, >= 0.9.7)

PLATFORMS
  x64-mingw32

DEPENDENCIES
  sass

RUBY VERSION
   ruby 2.4.1p111

BUNDLED WITH
   1.16.2
